GIT
  remote: git://github.com/citrus/spree_reviews.git
  revision: 6b1988aced82a011819e5c7998fc00eb2d09f908
  specs:
    spree_reviews (0.50.1)
      spree_core (>= 0.50.0)

GIT
  remote: git://github.com/spree/spree-product-assembly.git
  revision: c9da1618e0a8ce200e6101358c714b57b536ede8
  branch: 0-60-stable
  specs:
    spree_product_assembly (0.60.0)
      spree_core (>= 0.50.2)

GIT
  remote: http://github.com/niamtech/spree_videos.git
  revision: 1af6b051a721085eac3ed8b5090966d3561ce7d0
  specs:
    spree_videos (0.0.1)
      formtastic
      spree_core (>= 0.40.3)

GEM
  remote: http://rubygems.org/
  specs:
    abstract (1.0.0)
    actionmailer (3.0.7)
      actionpack (= 3.0.7)
      mail (~> 2.2.15)
    actionpack (3.0.7)
      activemodel (= 3.0.7)
      activesupport (= 3.0.7)
      builder (~> 2.1.2)
      erubis (~> 2.6.6)
      i18n (~> 0.5.0)
      rack (~> 1.2.1)
      rack-mount (~> 0.6.14)
      rack-test (~> 0.5.7)
      tzinfo (~> 0.3.23)
    activemerchant (1.14.0)
      activesupport (>= 2.3.8)
      braintree (>= 2.0.0)
      builder (>= 2.0.0)
    activemodel (3.0.7)
      activesupport (= 3.0.7)
      builder (~> 2.1.2)
      i18n (~> 0.5.0)
    activerecord (3.0.7)
      activemodel (= 3.0.7)
      activesupport (= 3.0.7)
      arel (~> 2.0.2)
      tzinfo (~> 0.3.23)
    activerecord-jdbc-adapter (1.1.2)
    activeresource (3.0.7)
      activemodel (= 3.0.7)
      activesupport (= 3.0.7)
    activesupport (3.0.7)
    acts_as_list (0.1.2)
    arel (2.0.10)
    bcrypt-ruby (2.1.4-java)
    bouncy-castle-java (1.5.0146.1)
    braintree (2.10.1)
      builder (>= 2.0.0)
    builder (2.1.2)
    cancan (1.6.4)
    devise (1.3.3)
      bcrypt-ruby (~> 2.1.2)
      orm_adapter (~> 0.0.3)
      warden (~> 1.0.3)
    erubis (2.6.6)
      abstract (>= 1.0.0)
    faker (0.9.5)
      i18n (~> 0.4)
    formtastic (1.2.4)
      actionpack (>= 2.3.7)
      activesupport (>= 2.3.7)
      i18n (~> 0.4)
    highline (1.5.1)
    i18n (0.5.0)
    jdbc-mysql (5.1.13)
    jquery-rails (0.2.6)
      rails (~> 3.0)
      thor (~> 0.14.4)
    jrails (0.6.0)
    jruby-openssl (0.7.4)
      bouncy-castle-java
    mail (2.2.19)
      activesupport (>= 2.3.6)
      i18n (>= 0.4.0)
      mime-types (~> 1.16)
      treetop (~> 1.4.8)
    meta_search (1.0.5)
      actionpack (~> 3.0.2)
      activerecord (~> 3.0.2)
      activesupport (~> 3.0.2)
      arel (~> 2.0.2)
    mime-types (1.16)
    nested_set (1.6.4)
      activerecord (>= 3.0.0)
      railties (>= 3.0.0)
    orm_adapter (0.0.5)
    paperclip (2.3.8)
      activerecord
      activesupport
    polyglot (0.3.1)
    rack (1.2.3)
    rack-mount (0.6.14)
      rack (>= 1.0.0)
    rack-test (0.5.7)
      rack (>= 1.0)
    rails (3.0.7)
      actionmailer (= 3.0.7)
      actionpack (= 3.0.7)
      activerecord (= 3.0.7)
      activeresource (= 3.0.7)
      activesupport (= 3.0.7)
      bundler (~> 1.0)
      railties (= 3.0.7)
    railties (3.0.7)
      actionpack (= 3.0.7)
      activesupport (= 3.0.7)
      rake (>= 0.8.7)
      thor (~> 0.14.4)
    rake (0.9.2)
    rd_find_by_param (0.1.1)
      activerecord (~> 3.0)
      activesupport (~> 3.0)
    rd_resource_controller (1.0.1)
    rd_unobtrusive_date_picker (0.1.0)
    spree (0.60.0)
      spree_api (= 0.60.0)
      spree_auth (= 0.60.0)
      spree_core (= 0.60.0)
      spree_dash (= 0.60.0)
      spree_promo (= 0.60.0)
      spree_sample (= 0.60.0)
    spree_api (0.60.0)
      spree_auth (= 0.60.0)
      spree_core (= 0.60.0)
    spree_auth (0.60.0)
      cancan (= 1.6.4)
      devise (= 1.3.3)
      spree_core (= 0.60.0)
    spree_core (0.60.0)
      activemerchant (= 1.14.0)
      acts_as_list (= 0.1.2)
      faker (= 0.9.5)
      highline (= 1.5.1)
      jquery-rails (= 0.2.6)
      meta_search (= 1.0.5)
      nested_set (= 1.6.4)
      paperclip (= 2.3.8)
      rails (= 3.0.7)
      rd_find_by_param (= 0.1.1)
      rd_resource_controller
      rd_unobtrusive_date_picker (= 0.1.0)
      state_machine (= 0.9.4)
      stringex (= 1.0.3)
      will_paginate (= 3.0.pre2)
    spree_dash (0.60.0)
      spree_core (= 0.60.0)
    spree_promo (0.60.0)
      spree_core (= 0.60.0)
    spree_sample (0.60.0)
      spree_core (= 0.60.0)
    state_machine (0.9.4)
    stringex (1.0.3)
    thor (0.14.6)
    treetop (1.4.9)
      polyglot (>= 0.3.1)
    tzinfo (0.3.29)
    warden (1.0.4)
      rack (>= 1.0)
    will_paginate (3.0.pre2)

PLATFORMS
  java

DEPENDENCIES
  activerecord-jdbc-adapter
  formtastic
  jdbc-mysql
  jrails
  jruby-openssl
  mysql2
  rails (= 3.0.7)
  spree (= 0.60.0)
  spree_product_assembly!
  spree_reviews!
  spree_videos!
